PATH
  remote: .
  specs:
    MK90_bas_formatter (0.1.0)
      logger (~> 1.4.3)
      quecto_calc (~> 0.2.0)

GEM
  remote: https://rubygems.org/
  specs:
    ast (2.4.2)
    logger (1.4.3)
    minitest (5.16.3)
    parallel (1.22.1)
    parser (3.1.3.0)
      ast (~> 2.4.1)
    quecto_calc (0.2.0)
      quecto_parser (~> 0.1.0)
    quecto_parser (0.1.0)
    rainbow (3.1.1)
    rake (13.0.6)
    regexp_parser (2.6.1)
    rexml (3.2.5)
    rubocop (0.93.1)
      parallel (~> 1.10)
      parser (>= 2.7.1.5)
      rainbow (>= 2.2.2, < 4.0)
      regexp_parser (>= 1.8)
      rexml
      rubocop-ast (>= 0.6.0)
      ruby-progressbar (~> 1.7)
      unicode-display_width (>= 1.4.0, < 2.0)
    rubocop-ast (1.24.0)
      parser (>= 3.1.1.0)
    ruby-progressbar (1.11.0)
    unicode-display_width (1.8.0)

PLATFORMS
  x86_64-linux

DEPENDENCIES
  MK90_bas_formatter!
  logger (~> 1.4.3)
  minitest (~> 5.0)
  quecto_calc (~> 0.2.0)
  rake (~> 13.0)
  rubocop (~> 0.80)

BUNDLED WITH
   2.2.3
